PATH
  remote: .
  specs:
    application_daemon (0.3.1)
      concurrent-ruby

GEM
  remote: https://rubygems.org/
  specs:
    concurrent-ruby (1.1.10)
    minitest (5.16.2)
    rake (13.0.6)

PLATFORMS
  arm64-darwin-21
  x86_64-linux

DEPENDENCIES
  application_daemon!
  minitest
  rake

BUNDLED WITH
   2.3.3
